GEM
  remote: https://rubygems.org/
  specs:
    coderay (1.1.1)
    cuba (3.8.0)
      rack (>= 1.6.0)
    method_source (0.8.2)
    minitest (5.10.1)
    pry (0.10.4)
      coderay (~> 1.1.0)
      method_source (~> 0.8.1)
      slop (~> 3.4)
    rack (2.0.1)
    redis (3.3.3)
    slop (3.6.0)

PLATFORMS
  ruby

DEPENDENCIES
  cuba!
  minitest!
  pry!
  redis (~> 3.3)!

BUNDLED WITH
   1.14.6
